GEM
  remote: https://rubygems.org/
  specs:
    blankslate (3.1.3)
    domain_name (0.5.20190701)
      unf (>= 0.0.5, < 1.0.0)
    fiddle (1.1.0)
    http-accept (1.7.0)
    http-cookie (1.0.4)
      domain_name (~> 0.5)
    jimson (0.14.0)
      blankslate (>= 3.1.3)
      multi_json (>= 1.11.2)
      rack (>= 1.4.5)
      rest-client (>= 1.7.3)
    mime-types (3.4.1)
      mime-types-data (~> 3.2015)
    mime-types-data (3.2021.1115)
    multi_json (1.15.0)
    netrc (0.11.0)
    pastel (0.8.0)
      tty-color (~> 0.5)
    psapi (0.0.2)
      jimson
    rack (2.2.3)
    rest-client (2.1.0)
      http-accept (>= 1.7.0, < 2.0)
      http-cookie (>= 1.0.2, < 2.0)
      mime-types (>= 1.16, < 4.0)
      netrc (~> 0.8)
    strings (0.2.1)
      strings-ansi (~> 0.2)
      unicode-display_width (>= 1.5, < 3.0)
      unicode_utils (~> 1.4)
    strings-ansi (0.2.0)
    tty-box (0.7.0)
      pastel (~> 0.8)
      strings (~> 0.2.0)
      tty-cursor (~> 0.7)
    tty-color (0.6.0)
    tty-command (0.10.1)
      pastel (~> 0.8)
    tty-cursor (0.7.1)
    tty-prompt (0.23.1)
      pastel (~> 0.8)
      tty-reader (~> 0.8)
    tty-reader (0.9.0)
      tty-cursor (~> 0.7)
      tty-screen (~> 0.8)
      wisper (~> 2.0)
    tty-screen (0.8.1)
    unf (0.1.4)
      unf_ext
    unf_ext (0.0.8)
    unicode-display_width (2.1.0)
    unicode_utils (1.4.0)
    wisper (2.0.1)

PLATFORMS
  x86_64-linux

DEPENDENCIES
  fiddle
  psapi
  tty-box
  tty-command
  tty-prompt

BUNDLED WITH
   2.2.3
